GEM
  remote: https://rubygems.org/
  specs:
    activesupport (4.0.13)
      i18n (~> 0.6, >= 0.6.9)
      minitest (~> 4.2)
      multi_json (~> 1.3)
      thread_safe (~> 0.1)
      tzinfo (~> 0.3.37)
    faraday (0.9.2)
      multipart-post (>= 1.2, < 3)
    i18n (0.7.0)
    mail (2.6.3)
      mime-types (>= 1.16, < 3)
    mime-types (2.6.2)
    minitest (4.7.5)
    multi_json (1.11.2)
    multipart-post (2.0.0)
    rack (1.6.4)
    rake (10.4.2)
    thread_safe (0.3.5)
    tzinfo (0.3.45)
    wunderlist-api (0.7.1)
      activesupport (~> 4.0.0)
      faraday (~> 0.9.1)

PLATFORMS
  ruby

DEPENDENCIES
  mail
  rack
  rake
  wunderlist-api (>= 0.7.1)

BUNDLED WITH
   1.10.6
